GEM
  remote: http://rubygems.org/
  specs:
    RedCloth (4.2.9)
    atk (1.2.4)
      glib2 (>= 1.2.4)
    cairo (1.12.4)
      pkg-config
    clbustos-rtf (0.4.2)
    coderay (1.0.9)
    diff-lcs (1.2.1)
    dirty-memoize (0.0.4)
    distribution (0.7.0)
    extendmatrix (0.3.1)
    fastercsv (1.5.5)
    gdk_pixbuf2 (1.2.4)
      glib2 (>= 1.2.4)
    glib2 (1.2.4)
      pkg-config
    green_shoes (1.1.373)
      gtk2
    gsl (1.14.7)
      narray (>= 0.5.9)
    gtk2 (1.2.4)
      atk (>= 1.2.4)
      gdk_pixbuf2 (>= 1.2.4)
      pango (>= 1.2.4)
    gtksourceview2 (1.2.4)
      gtk2 (>= 1.2.4)
    haml (4.0.1)
      tilt
    hoe (2.16.1)
      rake (~> 0.8)
    hoe-bundler (1.2.0)
      hoe (>= 2.2.0)
    hoe-gemspec (1.0.0)
      hoe (>= 2.2.0)
    integration (0.1.0)
    json (1.7.7)
    minimization (0.2.1)
      text-table (~> 1.2)
    minitest (2.12.1)
    narray (0.6.0.8)
    nokogiri (1.5.9)
    pango (1.2.4)
      cairo (>= 1.10.0)
      glib2 (>= 1.2.4)
    pkg-config (1.1.4)
    prawn (0.8.4)
      prawn-core (>= 0.8.4, < 0.9)
      prawn-core (>= 0.8.4, < 0.9)
      prawn-layout (>= 0.8.4, < 0.9)
      prawn-layout (>= 0.8.4, < 0.9)
      prawn-security (>= 0.8.4, < 0.9)
      prawn-security (>= 0.8.4, < 0.9)
    prawn-core (0.8.4)
    prawn-layout (0.8.4)
    prawn-security (0.8.4)
    prawn-svg (0.9.1.11)
      prawn (>= 0.8.4)
    rake (0.9.6)
    rdoc (4.0.0)
      json (~> 1.4)
    reportbuilder (1.4.2)
      clbustos-rtf (~> 0.4.0)
      prawn (~> 0.8.4)
      prawn-svg (~> 0.9.1)
      text-table (~> 1.2)
    rmagick (2.13.2)
    rserve-client (0.2.5)
    rspec (2.13.0)
      rspec-core (~> 2.13.0)
      rspec-expectations (~> 2.13.0)
      rspec-mocks (~> 2.13.0)
    rspec-core (2.13.1)
    rspec-expectations (2.13.0)
      diff-lcs (>= 1.1.3, < 2.0)
    rspec-mocks (2.13.0)
    rsvg2 (1.0.3)
      cairo (>= 1.10.0)
      gdk_pixbuf2 (>= 1.0.3)
    ruby-ole (1.2.11.6)
    rubyvis (0.5.2)
    shoulda (2.11.3)
    simpler (0.1.0)
    spreadsheet (0.6.9)
      ruby-ole (>= 1.0)
    statsample (1.2.0)
      dirty-memoize (~> 0.0)
      distribution (~> 0.6)
      extendmatrix (~> 0.3.1)
      fastercsv (> 0)
      minimization (~> 0.2.0)
      reportbuilder (~> 1.4)
      rserve-client (~> 0.2.5)
      rubyvis (~> 0.5)
      spreadsheet (~> 0.6.5)
      statsample-bivariate-extension (> 0)
    statsample-bivariate-extension (1.1.0)
      distribution (~> 0.6)
    text-table (1.2.2)
    tilt (1.3.6)

PLATFORMS
  ruby

DEPENDENCIES
  RedCloth
  coderay
  distribution (>= 0.4.0)
  green_shoes (>= 1.0.282)
  gsl (~> 1.14.5)
  gtksourceview2
  haml
  hoe (~> 2.12)
  hoe-bundler (~> 1.1)
  hoe-gemspec (~> 1.0)
  integration
  minimization
  minitest (~> 2.0)
  nokogiri
  rdoc
  rmagick (>= 2.13)
  rspec (>= 2.0)
  rsvg2 (~> 1.0.0)
  rubyvis (>= 0.4.0)
  shoulda (~> 2.11)
  simpler
  statsample (>= 1.1.0)
